GEM
  remote: https://rubygems.org/
  specs:
    minitest (5.18.1)

PLATFORMS
  arm64-darwin-22

DEPENDENCIES
  minitest

RUBY VERSION
   ruby 3.2.2p53

BUNDLED WITH
   2.4.13
